GEM
  remote: https://rubygems.org/
  specs:
    debase (0.1.7)
      debase-ruby_core_source
    debase-ruby_core_source (0.7.9)
    rake (10.4.2)
    ruby-debug-ide (0.4.32)
      rake (>= 0.8.1)

PLATFORMS
  ruby

DEPENDENCIES
  debase (= 0.1.7)
  ruby-debug-ide (= 0.4.32)

BUNDLED WITH
   1.10.4
